GEM
  remote: http://rubygems.org/
  specs:
    activemodel (3.2.2)
      activesupport (= 3.2.2)
      builder (~> 3.0.0)
    activesupport (3.2.2)
      i18n (~> 0.6)
      multi_json (~> 1.0)
    appraisal (0.4.1)
      bundler
      rake
    builder (3.0.0)
    i18n (0.6.0)
    mocha (0.9.12)
    multi_json (1.2.0)
    rake (0.8.7)
    shoulda (2.11.3)

PLATFORMS
  ruby

DEPENDENCIES
  activemodel (~> 3.2)
  appraisal
  mocha (~> 0.9.8)
  rake (~> 0.8.7)
  shoulda (~> 2.11.3)
